GIT
  remote: https://github.com/adeel/itextomml.git
  revision: 2cd52cdeba7123fcd52d6d64e150f24c644f8e0f
  specs:
    itextomml (1.5.6)

GIT
  remote: https://github.com/distler/maruku.git
  revision: 588716382cfa77806ccd79fff6d97a3d6caba454
  branch: nokogiri
  specs:
    maruku (0.7.3.beta1)
      itextomml (>= 1.5.0)
      nokogiri (~> 1.5, >= 1.5.6)
      syntax (~> 1.1.0)

GEM
  remote: http://rubygems.org/
  specs:
    RedCloth (4.3.2)
    abstract (1.0.0)
    activerecord-mysql2-adapter (0.0.3)
      mysql2
    diff-lcs (1.1.3)
    erubis (2.7.0)
    file_signature (1.2.0)
    iconv (1.0.8)
    json (2.5.1)
    kgio (2.11.4)
    mini_portile2 (2.1.0)
    mysql2 (0.5.4)
    nokogiri (1.7.2)
      mini_portile2 (~> 2.1.0)
    rack (1.4.5)
    rails_xss (0.4.0)
    raindrops (0.20.0)
    rake (10.4.2)
    rdoc (4.3.0)
    rdoc-data (4.1.0)
      rdoc (~> 4.0)
    rubyzip (0.9.9)
    sqlite3 (1.4.4)
    syntax (1.1.0)
    unicorn (6.1.0)
      kgio (~> 2.6)
      raindrops (~> 0.7)
    will_paginate (2.3.17)

PLATFORMS
  ruby

DEPENDENCIES
  RedCloth (>= 4.0.0)
  abstract (~> 1.0.0)
  activerecord-mysql2-adapter
  diff-lcs (~> 1.1.2)
  erubis
  file_signature (~> 1.2.0)
  iconv
  itextomml!
  json (~> 2.5.1)
  maruku!
  mysql2
  nokogiri (~> 1.7.0)
  rack (= 1.4.5)
  rails_xss (~> 0.4.0)
  rake (~> 10.4.0)
  rdoc
  rdoc-data
  rubyzip (~> 0.9.9)
  sqlite3
  syntax (~> 1.1.0)
  unicorn
  will_paginate (~> 2.3.15)

BUNDLED WITH
   1.17.3
